PATH
  remote: .
  specs:
    rapidjson (0.1.1)

GEM
  remote: https://rubygems.org/
  specs:
    benchmark-ips (2.10.0)
    fast_jsonparser (0.6.0)
    json (2.6.3)
    minitest (5.17.0)
    oj (3.13.23)
    rake (13.0.6)
    rake-compiler (1.2.1)
      rake
    yajl-ruby (1.4.3)

PLATFORMS
  ruby
  x86_64-linux

DEPENDENCIES
  benchmark-ips
  fast_jsonparser
  json
  minitest (~> 5.0)
  oj
  rake (~> 13.0)
  rake-compiler
  rapidjson!
  yajl-ruby

BUNDLED WITH
   2.3.4
